{
    "AcquisitionMatrixPE": 128,
    "AcquisitionNumber": 1,
    "AcquisitionTime": "19:43:33.620000",
    "BandwidthPerPixelPhaseEncode": 20.292,
    "BaseResolution": 128,
    "BodyPartExamined": "BRAIN",
    "ConsistencyInfo": "N4_VE11A_LATEST_20140830",
    "ConversionSoftware": "dcm2niix",
    "ConversionSoftwareVersion": "v1.0.20190410  GCC6.3.0",
    "DerivedVendorReportedEchoSpacing": 0.000770008,
    "DeviceSerialNumber": "45239",
    "DwellTime": 2.6e-06,
    "EchoTime": 0.03,
    "EchoTrainLength": 55,
    "EffectiveEchoSpacing": 0.000385004,
    "FlipAngle": 73,
    "ImageComments": "Single-band_reference_SENSE1",
    "ImageOrientationPatientDICOM": [
        1,
        0,
        0,
        0,
        1,
        -3.4118e-11
    ],
    "ImageType": [
        "ORIGINAL",
        "PRIMARY",
        "M",
        "ND",
        "MOSAIC"
    ],
    "ImagingFrequency": 123.225,
    "InPlanePhaseEncodingDirectionDICOM": "COL",
    "InstitutionAddress": "E_24th_St._100_Austin_Southmiddle_US_78712",
    "InstitutionName": "The_Univ._of_Texas_at_Austin_IRC",
    "InstitutionalDepartmentName": "IRC",
    "MRAcquisitionType": "2D",
    "MagneticFieldStrength": 3,
    "Manufacturer": "Siemens",
    "ManufacturersModelName": "Skyra",
    "Modality": "MR",
    "ParallelReductionFactorInPlane": 2,
    "PartialFourier": 0.875,
    "PatientPosition": "HFS",
    "PercentPhaseFOV": 100,
    "PhaseEncodingDirection": "j-",
    "PhaseEncodingSteps": 111,
    "PhaseResolution": 1,
    "PixelBandwidth": 1500,
    "ProcedureStepDescription": "Preston_fMRI",
    "ProtocolName": "functional_run",
    "PulseSequenceDetails": "%CustomerSeq%_cmrr_mbep2d_bold",
    "ReceiveCoilActiveElements": "HEA;HEP",
    "ReceiveCoilName": "Head_32",
    "ReconMatrixPE": 128,
    "RefLinesPE": 92,
    "RepetitionTime": 2,
    "SAR": 0.148367,
    "ScanOptions": "PFP_FS",
    "ScanningSequence": "EP",
    "SequenceName": "epfid2d1_128",
    "SequenceVariant": "SK_SS",
    "SeriesDescription": "functional_run_SBRef",
    "SeriesNumber": 16,
    "ShimSetting": [
        -2864,
        8149,
        -15418,
        -320,
        420,
        213,
        -190,
        -167
    ],
    "SliceThickness": 1.7,
    "SliceTiming": [
        0,
        0.08,
        0.1575,
        0.2375,
        0.3175,
        0.3975,
        0.475,
        0.555,
        0.635,
        0.7125,
        0.7925,
        0.8725,
        0.95,
        1.03,
        1.11,
        1.1875,
        1.2675,
        1.3475,
        1.425,
        1.505,
        1.585,
        1.6625,
        1.7425,
        1.8225,
        1.9,
        1.98,
        2.06,
        2.1375,
        2.2175,
        2.2975,
        2.375,
        2.455,
        2.535,
        2.6125,
        2.6925,
        2.7725,
        2.85,
        2.93,
        3.01,
        3.09,
        3.1675,
        3.2475,
        3.3275,
        3.405,
        3.485,
        3.565,
        3.6425,
        3.7225,
        3.8025,
        3.88,
        3.96,
        4.04,
        4.1175,
        4.1975,
        4.2775,
        4.355,
        4.435,
        4.515,
        4.5925,
        4.6725,
        4.7525,
        4.83,
        4.91,
        4.99,
        5.0675,
        5.1475,
        5.2275,
        5.305,
        5.385,
        5.465,
        5.5425,
        5.6225,
        5.7025,
        5.78,
        5.86
    ],
    "SoftwareVersions": "syngo_MR_E11",
    "SpacingBetweenSlices": 1.7,
    "StationName": "AWP45239",
    "TaskName": "struct",
    "TotalReadoutTime": 0.0488955,
    "TxRefAmp": 354.844,
    "WipMemBlock": "d6dbc935-d2dd-4011-a63c-ae945e84b249||Sequence: ve11a/master r/5a7612f; Mar  3 2017 11:38:58 by eja"
}