{
    "AcquisitionMatrixPE": 128,
    "AcquisitionNumber": 1,
    "AcquisitionTime": "15:29:48.280000",
    "BandwidthPerPixelPhaseEncode": 20.292,
    "BaseResolution": 128,
    "BodyPartExamined": "BRAIN",
    "ConsistencyInfo": "N4_VE11A_LATEST_20140830",
    "ConversionSoftware": "dcm2niix",
    "ConversionSoftwareVersion": "v1.0.20190410  GCC6.3.0",
    "DerivedVendorReportedEchoSpacing": 0.000770008,
    "DeviceSerialNumber": "45239",
    "DwellTime": 2.6e-06,
    "EchoTime": 0.03,
    "EchoTrainLength": 55,
    "EffectiveEchoSpacing": 0.000385004,
    "FlipAngle": 73,
    "ImageComments": "Unaliased_MB3_PE4_LB_SENSE1",
    "ImageOrientationPatientDICOM": [
        1,
        0,
        0,
        0,
        0.992757,
        0.120137
    ],
    "ImageType": [
        "ORIGINAL",
        "PRIMARY",
        "M",
        "MB",
        "ND",
        "MOSAIC"
    ],
    "ImagingFrequency": 123.225,
    "InPlanePhaseEncodingDirectionDICOM": "COL",
    "InstitutionAddress": "E_24th_St._100_Austin_Southmiddle_US_78712",
    "InstitutionName": "The_Univ._of_Texas_at_Austin_IRC",
    "InstitutionalDepartmentName": "IRC",
    "MRAcquisitionType": "2D",
    "MagneticFieldStrength": 3,
    "Manufacturer": "Siemens",
    "ManufacturersModelName": "Skyra",
    "Modality": "MR",
    "MultibandAccelerationFactor": 3,
    "ParallelReductionFactorInPlane": 2,
    "PartialFourier": 0.875,
    "PatientPosition": "HFS",
    "PercentPhaseFOV": 100,
    "PhaseEncodingDirection": "j-",
    "PhaseEncodingSteps": 111,
    "PhaseResolution": 1,
    "PixelBandwidth": 1500,
    "ProcedureStepDescription": "Preston_fMRI",
    "ProtocolName": "functional_run",
    "PulseSequenceDetails": "%CustomerSeq%_cmrr_mbep2d_bold",
    "ReceiveCoilActiveElements": "HEA;HEP",
    "ReceiveCoilName": "Head_32",
    "ReconMatrixPE": 128,
    "RefLinesPE": 92,
    "RepetitionTime": 2,
    "SAR": 0.139786,
    "ScanOptions": "PFP_FS",
    "ScanningSequence": "EP",
    "SequenceName": "epfid2d1_128",
    "SequenceVariant": "SK_SS",
    "SeriesDescription": "functional_run",
    "SeriesNumber": 21,
    "ShimSetting": [
        -2826,
        8062,
        -15429,
        -496,
        428,
        -496,
        -147,
        -83
    ],
    "SliceThickness": 1.7,
    "SliceTiming": [
        0,
        1.03,
        0.08,
        1.11,
        0.16,
        1.1875,
        0.2375,
        1.2675,
        0.3175,
        1.3475,
        0.3975,
        1.425,
        0.475,
        1.505,
        0.555,
        1.585,
        0.635,
        1.6625,
        0.7125,
        1.7425,
        0.7925,
        1.8225,
        0.8725,
        1.9,
        0.95,
        0,
        1.03,
        0.08,
        1.11,
        0.16,
        1.1875,
        0.2375,
        1.2675,
        0.3175,
        1.3475,
        0.3975,
        1.425,
        0.475,
        1.505,
        0.555,
        1.585,
        0.635,
        1.6625,
        0.7125,
        1.7425,
        0.7925,
        1.8225,
        0.8725,
        1.9,
        0.95,
        0,
        1.03,
        0.08,
        1.11,
        0.16,
        1.1875,
        0.2375,
        1.2675,
        0.3175,
        1.3475,
        0.3975,
        1.425,
        0.475,
        1.505,
        0.555,
        1.585,
        0.635,
        1.6625,
        0.7125,
        1.7425,
        0.7925,
        1.8225,
        0.8725,
        1.9,
        0.95
    ],
    "SoftwareVersions": "syngo_MR_E11",
    "SpacingBetweenSlices": 1.7,
    "StationName": "AWP45239",
    "TaskName": "struct",
    "TotalReadoutTime": 0.0488955,
    "TxRefAmp": 374.234,
    "WipMemBlock": "c0c17bfc-df9c-4a4f-b39a-355b9df70d34||Sequence: ve11a/master r/5a7612f; Mar  3 2017 11:38:58 by eja"
}