{
    "AcquisitionMatrixPE": 128,
    "AcquisitionNumber": 1,
    "AcquisitionTime": "18:44:20.867500",
    "BandwidthPerPixelPhaseEncode": 20.292,
    "BaseResolution": 128,
    "BodyPartExamined": "BRAIN",
    "ConsistencyInfo": "N4_VE11A_LATEST_20140830",
    "ConversionSoftware": "dcm2niix",
    "ConversionSoftwareVersion": "v1.0.20190410  GCC6.3.0",
    "DerivedVendorReportedEchoSpacing": 0.000770008,
    "DeviceSerialNumber": "45239",
    "DwellTime": 2.6e-06,
    "EchoTime": 0.03,
    "EchoTrainLength": 55,
    "EffectiveEchoSpacing": 0.000385004,
    "FlipAngle": 73,
    "ImageComments": "Unaliased_MB3_PE4_LB_SENSE1",
    "ImageOrientationPatientDICOM": [
        1,
        -3.33725e-05,
        0.000516204,
        -9.61659e-09,
        0.997916,
        0.0645337
    ],
    "ImageType": [
        "ORIGINAL",
        "PRIMARY",
        "M",
        "MB",
        "ND",
        "MOSAIC"
    ],
    "ImagingFrequency": 123.225,
    "InPlanePhaseEncodingDirectionDICOM": "COL",
    "InstitutionAddress": "E_24th_St._100_Austin_Southmiddle_US_78712",
    "InstitutionName": "The_Univ._of_Texas_at_Austin_IRC",
    "InstitutionalDepartmentName": "IRC",
    "MRAcquisitionType": "2D",
    "MagneticFieldStrength": 3,
    "Manufacturer": "Siemens",
    "ManufacturersModelName": "Skyra",
    "Modality": "MR",
    "MultibandAccelerationFactor": 3,
    "ParallelReductionFactorInPlane": 2,
    "PartialFourier": 0.875,
    "PatientPosition": "HFS",
    "PercentPhaseFOV": 100,
    "PhaseEncodingDirection": "j-",
    "PhaseEncodingSteps": 111,
    "PhaseResolution": 1,
    "PixelBandwidth": 1500,
    "ProcedureStepDescription": "Preston_fMRI",
    "ProtocolName": "functional_run",
    "PulseSequenceDetails": "%CustomerSeq%_cmrr_mbep2d_bold",
    "ReceiveCoilActiveElements": "HEA;HEP",
    "ReceiveCoilName": "Head_32",
    "ReconMatrixPE": 128,
    "RefLinesPE": 92,
    "RepetitionTime": 2,
    "SAR": 0.155081,
    "ScanOptions": "PFP_FS",
    "ScanningSequence": "EP",
    "SequenceName": "epfid2d1_128",
    "SequenceVariant": "SK_SS",
    "SeriesDescription": "functional_run",
    "SeriesNumber": 10,
    "ShimSetting": [
        -2906,
        8081,
        -15491,
        -527,
        328,
        -813,
        -553,
        65
    ],
    "SliceThickness": 1.7,
    "SliceTiming": [
        0,
        1.03,
        0.08,
        1.11,
        0.16,
        1.19,
        0.2375,
        1.2675,
        0.3175,
        1.3475,
        0.3975,
        1.4275,
        0.475,
        1.505,
        0.555,
        1.585,
        0.635,
        1.665,
        0.715,
        1.7425,
        0.7925,
        1.8225,
        0.8725,
        1.9025,
        0.9525,
        0,
        1.03,
        0.08,
        1.11,
        0.16,
        1.19,
        0.2375,
        1.2675,
        0.3175,
        1.3475,
        0.3975,
        1.4275,
        0.475,
        1.505,
        0.555,
        1.585,
        0.635,
        1.665,
        0.715,
        1.7425,
        0.7925,
        1.8225,
        0.8725,
        1.9025,
        0.9525,
        0,
        1.03,
        0.08,
        1.11,
        0.16,
        1.19,
        0.2375,
        1.2675,
        0.3175,
        1.3475,
        0.3975,
        1.4275,
        0.475,
        1.505,
        0.555,
        1.585,
        0.635,
        1.665,
        0.715,
        1.7425,
        0.7925,
        1.8225,
        0.8725,
        1.9025,
        0.9525
    ],
    "SoftwareVersions": "syngo_MR_E11",
    "SpacingBetweenSlices": 1.7,
    "StationName": "AWP45239",
    "TaskName": "struct",
    "TotalReadoutTime": 0.0488955,
    "TxRefAmp": 371.461,
    "WipMemBlock": "7c7b09a1-0474-468a-966a-1b186ee55af5||Sequence: ve11a/master r/5a7612f; Mar  3 2017 11:38:58 by eja"
}