{
    "AcquisitionMatrixPE": 128,
    "AcquisitionNumber": 1,
    "AcquisitionTime": "13:51:57.657500",
    "BandwidthPerPixelPhaseEncode": 20.292,
    "BaseResolution": 128,
    "BodyPartExamined": "BRAIN",
    "ConsistencyInfo": "N4_VE11C_LATEST_20160120",
    "ConversionSoftware": "dcm2niix",
    "ConversionSoftwareVersion": "v1.0.20190410  GCC6.3.0",
    "DerivedVendorReportedEchoSpacing": 0.000770008,
    "DeviceSerialNumber": "45239",
    "DwellTime": 2.6e-06,
    "EchoTime": 0.03,
    "EchoTrainLength": 55,
    "EffectiveEchoSpacing": 0.000385004,
    "FlipAngle": 73,
    "ImageComments": "Unaliased_MB3_PE4_LB_SENSE1",
    "ImageOrientationPatientDICOM": [
        1,
        8.61246e-06,
        -0.000214835,
        1.6237e-08,
        0.999194,
        0.040132
    ],
    "ImageType": [
        "ORIGINAL",
        "PRIMARY",
        "M",
        "MB",
        "ND",
        "MOSAIC"
    ],
    "ImagingFrequency": 123.172,
    "InPlanePhaseEncodingDirectionDICOM": "COL",
    "InstitutionAddress": "E_24th_St._100_Austin_Southmiddle_US_78712",
    "InstitutionName": "The_Univ._of_Texas_at_Austin_IRC",
    "InstitutionalDepartmentName": "IRC",
    "MRAcquisitionType": "2D",
    "MagneticFieldStrength": 3,
    "Manufacturer": "Siemens",
    "ManufacturersModelName": "Skyra",
    "Modality": "MR",
    "MultibandAccelerationFactor": 3,
    "ParallelReductionFactorInPlane": 2,
    "PartialFourier": 0.875,
    "PatientPosition": "HFS",
    "PercentPhaseFOV": 100,
    "PhaseEncodingDirection": "j-",
    "PhaseEncodingSteps": 111,
    "PhaseResolution": 1,
    "PixelBandwidth": 1500,
    "ProcedureStepDescription": "Preston_fMRI",
    "ProtocolName": "functional_run",
    "PulseSequenceDetails": "%CustomerSeq%_cmrr_mbep2d_bold",
    "ReceiveCoilActiveElements": "HEA;HEP",
    "ReceiveCoilName": "Head_32",
    "ReconMatrixPE": 128,
    "RefLinesPE": 92,
    "RepetitionTime": 2,
    "SAR": 0.121143,
    "ScanOptions": "PFP_FS",
    "ScanningSequence": "EP",
    "SequenceName": "epfid2d1_128",
    "SequenceVariant": "SK_SS",
    "SeriesDescription": "functional_run",
    "SeriesNumber": 12,
    "ShimSetting": [
        -2795,
        8051,
        -15450,
        -270,
        813,
        -497,
        -509,
        -151
    ],
    "SliceThickness": 1.7,
    "SliceTiming": [
        0,
        1.0275,
        0.0775,
        1.1075,
        0.1575,
        1.1875,
        0.2375,
        1.265,
        0.315,
        1.345,
        0.395,
        1.425,
        0.475,
        1.505,
        0.5525,
        1.5825,
        0.6325,
        1.6625,
        0.7125,
        1.7425,
        0.79,
        1.82,
        0.87,
        1.9,
        0.95,
        0,
        1.0275,
        0.0775,
        1.1075,
        0.1575,
        1.1875,
        0.2375,
        1.265,
        0.315,
        1.345,
        0.395,
        1.425,
        0.475,
        1.505,
        0.5525,
        1.5825,
        0.6325,
        1.6625,
        0.7125,
        1.7425,
        0.79,
        1.82,
        0.87,
        1.9,
        0.95,
        0,
        1.0275,
        0.0775,
        1.1075,
        0.1575,
        1.1875,
        0.2375,
        1.265,
        0.315,
        1.345,
        0.395,
        1.425,
        0.475,
        1.505,
        0.5525,
        1.5825,
        0.6325,
        1.6625,
        0.7125,
        1.7425,
        0.79,
        1.82,
        0.87,
        1.9,
        0.95
    ],
    "SoftwareVersions": "syngo_MR_E11",
    "SpacingBetweenSlices": 1.7,
    "StationName": "AWP45239",
    "TaskName": "struct",
    "TotalReadoutTime": 0.0488955,
    "TxRefAmp": 362.878,
    "WipMemBlock": "0a5be818-400f-413c-920d-ab8b61d57ecd||Sequence: R016 ve11c/master r/e634e98; Dec 19 2017 11:00:25 by eja"
}