{
    "AcquisitionMatrixPE": 64,
    "AcquisitionNumber": 1,
    "AcquisitionTime": "19:21:47.515000",
    "BaseResolution": 64,
    "BodyPartExamined": "BRAIN",
    "ConsistencyInfo": "N4_VE11C_LATEST_20160120",
    "ConversionSoftware": "dcm2niix",
    "ConversionSoftwareVersion": "v1.0.20190410  GCC6.3.0",
    "DeviceSerialNumber": "45239",
    "DwellTime": 1.3e-05,
    "EchoNumber": 1,
    "EchoTime": 0.005,
    "FlipAngle": 5,
    "ImageOrientationPatientDICOM": [
        1,
        -9.453e-05,
        0.000758829,
        -5.234e-12,
        0.99233,
        0.123618
    ],
    "ImageType": [
        "ORIGINAL",
        "PRIMARY",
        "M",
        "ND",
        "NORM"
    ],
    "ImagingFrequency": 123.172,
    "InPlanePhaseEncodingDirectionDICOM": "ROW",
    "InstitutionAddress": "E_24th_St._100_Austin_Southmiddle_US_78712",
    "InstitutionName": "The_Univ._of_Texas_at_Austin_IRC",
    "InstitutionalDepartmentName": "IRC",
    "Interpolation2D": 1,
    "MRAcquisitionType": "2D",
    "MagneticFieldStrength": 3,
    "Manufacturer": "Siemens",
    "ManufacturersModelName": "Skyra",
    "Modality": "MR",
    "PartialFourier": 1,
    "PatientPosition": "HFS",
    "PercentPhaseFOV": 100,
    "PhaseEncodingDirection": "i",
    "PhaseEncodingSteps": 64,
    "PhaseResolution": 1,
    "PixelBandwidth": 600,
    "ProcedureStepDescription": "Preston_fMRI",
    "ProtocolName": "fieldmap",
    "PulseSequenceDetails": "%SiemensSeq%_gre_field_mapping",
    "ReceiveCoilActiveElements": "HEA;HEP",
    "ReceiveCoilName": "Head_32",
    "ReconMatrixPE": 128,
    "RepetitionTime": 0.628,
    "SAR": 0.00134733,
    "ScanningSequence": "GR",
    "SequenceName": "_fm2d2r",
    "SequenceVariant": "SP",
    "SeriesDescription": "fieldmap",
    "SeriesNumber": 5,
    "ShimSetting": [
        -2730,
        7963,
        -15455,
        -123,
        720,
        -902,
        54,
        -194
    ],
    "SliceThickness": 2,
    "SoftwareVersions": "syngo_MR_E11",
    "SpacingBetweenSlices": 2,
    "StationName": "AWP45239",
    "TxRefAmp": 312.566,
    "IntendedFor": [
        "func/sub-127_task-struct_run-1_bold.nii.gz",
        "func/sub-127_task-struct_run-2_bold.nii.gz",
        "func/sub-127_task-struct_run-3_bold.nii.gz",
        "func/sub-127_task-struct_run-1_sbref.nii.gz",
        "func/sub-127_task-struct_run-2_sbref.nii.gz",
        "func/sub-127_task-struct_run-3_sbref.nii.gz"
    ]
}