{
    "AcquisitionMatrixPE": 128,
    "AcquisitionNumber": 1,
    "AcquisitionTime": "19:33:8.170000",
    "BandwidthPerPixelPhaseEncode": 20.292,
    "BaseResolution": 128,
    "BodyPartExamined": "BRAIN",
    "ConsistencyInfo": "N4_VE11C_LATEST_20160120",
    "ConversionSoftware": "dcm2niix",
    "ConversionSoftwareVersion": "v1.0.20190410  GCC6.3.0",
    "DerivedVendorReportedEchoSpacing": 0.000770008,
    "DeviceSerialNumber": "45239",
    "DwellTime": 2.6e-06,
    "EchoTime": 0.03,
    "EchoTrainLength": 55,
    "EffectiveEchoSpacing": 0.000385004,
    "FlipAngle": 73,
    "ImageComments": "Single-band_reference_SENSE1",
    "ImageOrientationPatientDICOM": [
        0.999998,
        -0.000228117,
        0.0022064,
        1.5787e-08,
        0.994699,
        0.102834
    ],
    "ImageType": [
        "ORIGINAL",
        "PRIMARY",
        "M",
        "ND",
        "MOSAIC"
    ],
    "ImagingFrequency": 123.172,
    "InPlanePhaseEncodingDirectionDICOM": "COL",
    "InstitutionAddress": "E_24th_St._100_Austin_Southmiddle_US_78712",
    "InstitutionName": "The_Univ._of_Texas_at_Austin_IRC",
    "InstitutionalDepartmentName": "IRC",
    "MRAcquisitionType": "2D",
    "MagneticFieldStrength": 3,
    "Manufacturer": "Siemens",
    "ManufacturersModelName": "Skyra",
    "Modality": "MR",
    "ParallelReductionFactorInPlane": 2,
    "PartialFourier": 0.875,
    "PatientPosition": "HFS",
    "PercentPhaseFOV": 100,
    "PhaseEncodingDirection": "j-",
    "PhaseEncodingSteps": 111,
    "PhaseResolution": 1,
    "PixelBandwidth": 1500,
    "ProcedureStepDescription": "Preston_fMRI",
    "ProtocolName": "functional_run",
    "PulseSequenceDetails": "%CustomerSeq%_cmrr_mbep2d_bold",
    "ReceiveCoilActiveElements": "HEA;HEP",
    "ReceiveCoilName": "Head_32",
    "ReconMatrixPE": 128,
    "RefLinesPE": 92,
    "RepetitionTime": 2,
    "SAR": 0.123351,
    "ScanOptions": "PFP_FS",
    "ScanningSequence": "EP",
    "SequenceName": "epfid2d1_128",
    "SequenceVariant": "SK_SS",
    "SeriesDescription": "functional_run_SBRef",
    "SeriesNumber": 9,
    "ShimSetting": [
        -2769,
        7882,
        -15389,
        -191,
        852,
        -1209,
        -192,
        -314
    ],
    "SliceThickness": 1.7,
    "SliceTiming": [
        0,
        0.0775,
        0.1575,
        0.2375,
        0.315,
        0.395,
        0.475,
        0.555,
        0.6325,
        0.7125,
        0.7925,
        0.87,
        0.95,
        1.03,
        1.1075,
        1.1875,
        1.2675,
        1.345,
        1.425,
        1.505,
        1.5825,
        1.6625,
        1.7425,
        1.82,
        1.9,
        1.98,
        2.0575,
        2.1375,
        2.2175,
        2.295,
        2.375,
        2.455,
        2.5325,
        2.6125,
        2.6925,
        2.77,
        2.85,
        2.93,
        3.0075,
        3.0875,
        3.1675,
        3.245,
        3.325,
        3.405,
        3.485,
        3.5625,
        3.6425,
        3.7225,
        3.8,
        3.88,
        3.96,
        4.0375,
        4.1175,
        4.1975,
        4.275,
        4.355,
        4.435,
        4.5125,
        4.5925,
        4.6725,
        4.75,
        4.83,
        4.91,
        4.9875,
        5.0675,
        5.1475,
        5.225,
        5.305,
        5.385,
        5.4625,
        5.5425,
        5.6225,
        5.7,
        5.78,
        5.86
    ],
    "SoftwareVersions": "syngo_MR_E11",
    "SpacingBetweenSlices": 1.7,
    "StationName": "AWP45239",
    "TaskName": "struct",
    "TotalReadoutTime": 0.0488955,
    "TxRefAmp": 332.876,
    "WipMemBlock": "c817f843-3f67-4679-b0f2-9b60cc09b568||Sequence: R016 ve11c/master r/e634e98; Dec 19 2017 11:00:25 by eja"
}