{
    "AcquisitionMatrixPE": 64,
    "AcquisitionNumber": 1,
    "AcquisitionTime": "20:36:19.637500",
    "BaseResolution": 64,
    "BodyPartExamined": "BRAIN",
    "ConsistencyInfo": "N4_VE11C_LATEST_20160120",
    "ConversionSoftware": "dcm2niix",
    "ConversionSoftwareVersion": "v1.0.20190410  GCC6.3.0",
    "DeviceSerialNumber": "45239",
    "DwellTime": 1.3e-05,
    "EchoNumber": 1,
    "EchoTime": 0.005,
    "FlipAngle": 5,
    "ImageOrientationPatientDICOM": [
        1,
        4.887e-12,
        -3.07e-13,
        -4.897e-12,
        0.998027,
        -0.0627905
    ],
    "ImageType": [
        "ORIGINAL",
        "PRIMARY",
        "M",
        "ND",
        "NORM"
    ],
    "ImagingFrequency": 123.172,
    "InPlanePhaseEncodingDirectionDICOM": "ROW",
    "InstitutionAddress": "E_24th_St._100_Austin_Southmiddle_US_78712",
    "InstitutionName": "The_Univ._of_Texas_at_Austin_IRC",
    "InstitutionalDepartmentName": "IRC",
    "Interpolation2D": 1,
    "MRAcquisitionType": "2D",
    "MagneticFieldStrength": 3,
    "Manufacturer": "Siemens",
    "ManufacturersModelName": "Skyra",
    "Modality": "MR",
    "PartialFourier": 1,
    "PatientPosition": "HFS",
    "PercentPhaseFOV": 100,
    "PhaseEncodingDirection": "i",
    "PhaseEncodingSteps": 64,
    "PhaseResolution": 1,
    "PixelBandwidth": 600,
    "ProcedureStepDescription": "Preston_fMRI",
    "ProtocolName": "fieldmap",
    "PulseSequenceDetails": "%SiemensSeq%_gre_field_mapping",
    "ReceiveCoilActiveElements": "HEA;HEP",
    "ReceiveCoilName": "Head_32",
    "ReconMatrixPE": 128,
    "RepetitionTime": 0.628,
    "SAR": 0.00120232,
    "ScanningSequence": "GR",
    "SequenceName": "_fm2d2r",
    "SequenceVariant": "SP",
    "SeriesDescription": "fieldmap",
    "SeriesNumber": 14,
    "ShimSetting": [
        -2745,
        8094,
        -15335,
        51,
        899,
        -612,
        -474,
        -210
    ],
    "SliceThickness": 2,
    "SoftwareVersions": "syngo_MR_E11",
    "SpacingBetweenSlices": 2,
    "StationName": "AWP45239",
    "TxRefAmp": 352.986,
    "IntendedFor": [
        "func/sub-121_task-struct_run-4_bold.nii.gz",
        "func/sub-121_task-struct_run-5_bold.nii.gz",
        "func/sub-121_task-struct_run-6_bold.nii.gz",
        "func/sub-121_task-struct_run-4_sbref.nii.gz",
        "func/sub-121_task-struct_run-5_sbref.nii.gz",
        "func/sub-121_task-struct_run-6_sbref.nii.gz"
    ]
}