{
    "AcquisitionMatrixPE": 64,
    "AcquisitionNumber": 1,
    "AcquisitionTime": "19:19:52.085000",
    "BaseResolution": 64,
    "BodyPartExamined": "BRAIN",
    "ConsistencyInfo": "N4_VE11A_LATEST_20140830",
    "ConversionSoftware": "dcm2niix",
    "ConversionSoftwareVersion": "v1.0.20190410  GCC6.3.0",
    "DeviceSerialNumber": "45239",
    "DwellTime": 1.3e-05,
    "EchoNumber": 2,
    "EchoTime": 0.00746,
    "EchoTime1": 0.005,
    "EchoTime2": 0.00746,
    "FlipAngle": 5,
    "ImageOrientationPatientDICOM": [
        0.999945,
        -0.000328782,
        0.0104615,
        -1.1709e-11,
        0.999507,
        0.0314125
    ],
    "ImageType": [
        "ORIGINAL",
        "PRIMARY",
        "P",
        "ND"
    ],
    "ImagingFrequency": 123.225,
    "InPlanePhaseEncodingDirectionDICOM": "ROW",
    "InstitutionAddress": "E_24th_St._100_Austin_Southmiddle_US_78712",
    "InstitutionName": "The_Univ._of_Texas_at_Austin_IRC",
    "InstitutionalDepartmentName": "IRC",
    "Interpolation2D": 1,
    "MRAcquisitionType": "2D",
    "MagneticFieldStrength": 3,
    "Manufacturer": "Siemens",
    "ManufacturersModelName": "Skyra",
    "Modality": "MR",
    "PartialFourier": 1,
    "PatientPosition": "HFS",
    "PercentPhaseFOV": 100,
    "PhaseEncodingDirection": "i",
    "PhaseEncodingSteps": 64,
    "PhaseResolution": 1,
    "PixelBandwidth": 600,
    "ProcedureStepDescription": "Preston_fMRI",
    "ProtocolName": "fieldmap",
    "PulseSequenceDetails": "%SiemensSeq%_gre_field_mapping",
    "ReceiveCoilActiveElements": "HEA;HEP",
    "ReceiveCoilName": "Head_32",
    "ReconMatrixPE": 128,
    "RepetitionTime": 0.628,
    "SAR": 0.00150076,
    "ScanningSequence": "GR",
    "SequenceName": "_fm2d2r",
    "SequenceVariant": "SP",
    "SeriesDescription": "fieldmap",
    "SeriesNumber": 15,
    "ShimSetting": [
        -2858,
        8089,
        -15491,
        -495,
        370,
        -881,
        -458,
        -55
    ],
    "SliceThickness": 2,
    "SoftwareVersions": "syngo_MR_E11",
    "SpacingBetweenSlices": 2,
    "StationName": "AWP45239",
    "TxRefAmp": 366.159,
    "IntendedFor": [
        "func/sub-103_task-struct_run-4_bold.nii.gz",
        "func/sub-103_task-struct_run-5_bold.nii.gz",
        "func/sub-103_task-struct_run-6_bold.nii.gz",
        "func/sub-103_task-struct_run-4_sbref.nii.gz",
        "func/sub-103_task-struct_run-5_sbref.nii.gz",
        "func/sub-103_task-struct_run-6_sbref.nii.gz"
    ]
}