{
    "AcquisitionMatrixPE": 128,
    "AcquisitionNumber": 1,
    "AcquisitionTime": "20:41:45.382500",
    "BandwidthPerPixelPhaseEncode": 20.292,
    "BaseResolution": 128,
    "BodyPartExamined": "BRAIN",
    "ConsistencyInfo": "N4_VE11A_LATEST_20140830",
    "ConversionSoftware": "dcm2niix",
    "ConversionSoftwareVersion": "v1.0.20190410  GCC6.3.0",
    "DerivedVendorReportedEchoSpacing": 0.000770008,
    "DeviceSerialNumber": "45239",
    "DwellTime": 2.6e-06,
    "EchoTime": 0.03,
    "EchoTrainLength": 55,
    "EffectiveEchoSpacing": 0.000385004,
    "FlipAngle": 73,
    "ImageComments": "Unaliased_MB3_PE4_LB_SENSE1",
    "ImageOrientationPatientDICOM": [
        1,
        0,
        0,
        0,
        0.995056,
        0.0993197
    ],
    "ImageType": [
        "ORIGINAL",
        "PRIMARY",
        "M",
        "MB",
        "ND",
        "MOSAIC"
    ],
    "ImagingFrequency": 123.225,
    "InPlanePhaseEncodingDirectionDICOM": "COL",
    "InstitutionAddress": "E_24th_St._100_Austin_Southmiddle_US_78712",
    "InstitutionName": "The_Univ._of_Texas_at_Austin_IRC",
    "InstitutionalDepartmentName": "IRC",
    "MRAcquisitionType": "2D",
    "MagneticFieldStrength": 3,
    "Manufacturer": "Siemens",
    "ManufacturersModelName": "Skyra",
    "Modality": "MR",
    "MultibandAccelerationFactor": 3,
    "ParallelReductionFactorInPlane": 2,
    "PartialFourier": 0.875,
    "PatientPosition": "HFS",
    "PercentPhaseFOV": 100,
    "PhaseEncodingDirection": "j-",
    "PhaseEncodingSteps": 111,
    "PhaseResolution": 1,
    "PixelBandwidth": 1500,
    "ProcedureStepDescription": "Preston_fMRI",
    "ProtocolName": "functional_run",
    "PulseSequenceDetails": "%CustomerSeq%_cmrr_mbep2d_bold",
    "ReceiveCoilActiveElements": "HEA;HEP",
    "ReceiveCoilName": "Head_32",
    "ReconMatrixPE": 128,
    "RefLinesPE": 92,
    "RepetitionTime": 2,
    "SAR": 0.156066,
    "ScanOptions": "PFP_FS",
    "ScanningSequence": "EP",
    "SequenceName": "epfid2d1_128",
    "SequenceVariant": "SK_SS",
    "SeriesDescription": "functional_run",
    "SeriesNumber": 29,
    "ShimSetting": [
        -2832,
        8086,
        -15495,
        -605,
        404,
        -323,
        167,
        -117
    ],
    "SliceThickness": 1.7,
    "SliceTiming": [
        0,
        1.0275,
        0.0775,
        1.1075,
        0.1575,
        1.1875,
        0.2375,
        1.265,
        0.315,
        1.345,
        0.395,
        1.425,
        0.475,
        1.5025,
        0.5525,
        1.5825,
        0.6325,
        1.6625,
        0.7125,
        1.7425,
        0.79,
        1.82,
        0.87,
        1.9,
        0.95,
        0,
        1.0275,
        0.0775,
        1.1075,
        0.1575,
        1.1875,
        0.2375,
        1.265,
        0.315,
        1.345,
        0.395,
        1.425,
        0.475,
        1.5025,
        0.5525,
        1.5825,
        0.6325,
        1.6625,
        0.7125,
        1.7425,
        0.79,
        1.82,
        0.87,
        1.9,
        0.95,
        0,
        1.0275,
        0.0775,
        1.1075,
        0.1575,
        1.1875,
        0.2375,
        1.265,
        0.315,
        1.345,
        0.395,
        1.425,
        0.475,
        1.5025,
        0.5525,
        1.5825,
        0.6325,
        1.6625,
        0.7125,
        1.7425,
        0.79,
        1.82,
        0.87,
        1.9,
        0.95
    ],
    "SoftwareVersions": "syngo_MR_E11",
    "SpacingBetweenSlices": 1.7,
    "StationName": "AWP45239",
    "TaskName": "struct",
    "TotalReadoutTime": 0.0488955,
    "TxRefAmp": 388.2,
    "WipMemBlock": "ce5cfda9-18b6-4444-9b51-15b7e03babbc||Sequence: R016 ve11a/master r/fdfe5be5; Nov 27 2017 15:45:20 by eja"
}