{
    "AcquisitionMatrixPE": 128,
    "AcquisitionNumber": 1,
    "AcquisitionTime": "18:54:28.542500",
    "BandwidthPerPixelPhaseEncode": 20.292,
    "BaseResolution": 128,
    "BodyPartExamined": "BRAIN",
    "ConsistencyInfo": "N4_VE11C_LATEST_20160120",
    "ConversionSoftware": "dcm2niix",
    "ConversionSoftwareVersion": "v1.0.20190410  GCC6.3.0",
    "DerivedVendorReportedEchoSpacing": 0.000770008,
    "DeviceSerialNumber": "45239",
    "DwellTime": 2.6e-06,
    "EchoTime": 0.03,
    "EchoTrainLength": 55,
    "EffectiveEchoSpacing": 0.000385004,
    "FlipAngle": 73,
    "ImageComments": "Unaliased_MB3_PE4_LB_SENSE1",
    "ImageOrientationPatientDICOM": [
        0.999998,
        0.000162395,
        -0.00210975,
        -2.94161e-09,
        0.997051,
        0.0767452
    ],
    "ImageType": [
        "ORIGINAL",
        "PRIMARY",
        "M",
        "MB",
        "ND",
        "MOSAIC"
    ],
    "ImagingFrequency": 123.172,
    "InPlanePhaseEncodingDirectionDICOM": "COL",
    "InstitutionAddress": "E_24th_St._100_Austin_Southmiddle_US_78712",
    "InstitutionName": "The_Univ._of_Texas_at_Austin_IRC",
    "InstitutionalDepartmentName": "IRC",
    "MRAcquisitionType": "2D",
    "MagneticFieldStrength": 3,
    "Manufacturer": "Siemens",
    "ManufacturersModelName": "Skyra",
    "Modality": "MR",
    "MultibandAccelerationFactor": 3,
    "ParallelReductionFactorInPlane": 2,
    "PartialFourier": 0.875,
    "PatientPosition": "HFS",
    "PercentPhaseFOV": 100,
    "PhaseEncodingDirection": "j-",
    "PhaseEncodingSteps": 111,
    "PhaseResolution": 1,
    "PixelBandwidth": 1500,
    "ProcedureStepDescription": "Preston_fMRI",
    "ProtocolName": "functional_run",
    "PulseSequenceDetails": "%CustomerSeq%_cmrr_mbep2d_bold",
    "ReceiveCoilActiveElements": "HEA;HEP",
    "ReceiveCoilName": "Head_32",
    "ReconMatrixPE": 128,
    "RefLinesPE": 92,
    "RepetitionTime": 2,
    "SAR": 0.0972956,
    "ScanOptions": "PFP_FS",
    "ScanningSequence": "EP",
    "SequenceName": "epfid2d1_128",
    "SequenceVariant": "SK_SS",
    "SeriesDescription": "functional_run",
    "SeriesNumber": 10,
    "ShimSetting": [
        -2773,
        8109,
        -15331,
        -55,
        706,
        -461,
        -335,
        -222
    ],
    "SliceThickness": 1.7,
    "SliceTiming": [
        0,
        1.03,
        0.08,
        1.11,
        0.16,
        1.19,
        0.2375,
        1.2675,
        0.3175,
        1.3475,
        0.3975,
        1.4275,
        0.475,
        1.505,
        0.555,
        1.585,
        0.635,
        1.665,
        0.7125,
        1.7425,
        0.7925,
        1.8225,
        0.8725,
        1.9025,
        0.9525,
        0,
        1.03,
        0.08,
        1.11,
        0.16,
        1.19,
        0.2375,
        1.2675,
        0.3175,
        1.3475,
        0.3975,
        1.4275,
        0.475,
        1.505,
        0.555,
        1.585,
        0.635,
        1.665,
        0.7125,
        1.7425,
        0.7925,
        1.8225,
        0.8725,
        1.9025,
        0.9525,
        0,
        1.03,
        0.08,
        1.11,
        0.16,
        1.19,
        0.2375,
        1.2675,
        0.3175,
        1.3475,
        0.3975,
        1.4275,
        0.475,
        1.505,
        0.555,
        1.585,
        0.635,
        1.665,
        0.7125,
        1.7425,
        0.7925,
        1.8225,
        0.8725,
        1.9025,
        0.9525
    ],
    "SoftwareVersions": "syngo_MR_E11",
    "SpacingBetweenSlices": 1.7,
    "StationName": "AWP45239",
    "TaskName": "struct",
    "TotalReadoutTime": 0.0488955,
    "TxRefAmp": 341.828,
    "WipMemBlock": "ce8af8b2-8243-41da-aa7f-38266da0f446||Sequence: R016 ve11c/master r/e634e98; Dec 19 2017 11:00:25 by eja"
}