{
    "AcquisitionMatrixPE": 128,
    "AcquisitionNumber": 1,
    "AcquisitionTime": "14:28:50.680000",
    "BandwidthPerPixelPhaseEncode": 20.292,
    "BaseResolution": 128,
    "BodyPartExamined": "BRAIN",
    "ConsistencyInfo": "N4_VE11C_LATEST_20160120",
    "ConversionSoftware": "dcm2niix",
    "ConversionSoftwareVersion": "v1.0.20190410  GCC6.3.0",
    "DerivedVendorReportedEchoSpacing": 0.000770008,
    "DeviceSerialNumber": "45239",
    "DwellTime": 2.6e-06,
    "EchoTime": 0.03,
    "EchoTrainLength": 55,
    "EffectiveEchoSpacing": 0.000385004,
    "FlipAngle": 73,
    "ImageComments": "Single-band_reference_SENSE1",
    "ImageOrientationPatientDICOM": [
        1,
        0,
        0,
        0,
        0.992115,
        0.125333
    ],
    "ImageType": [
        "ORIGINAL",
        "PRIMARY",
        "M",
        "ND",
        "MOSAIC"
    ],
    "ImagingFrequency": 123.172,
    "InPlanePhaseEncodingDirectionDICOM": "COL",
    "InstitutionAddress": "E_24th_St._100_Austin_Southmiddle_US_78712",
    "InstitutionName": "The_Univ._of_Texas_at_Austin_IRC",
    "InstitutionalDepartmentName": "IRC",
    "MRAcquisitionType": "2D",
    "MagneticFieldStrength": 3,
    "Manufacturer": "Siemens",
    "ManufacturersModelName": "Skyra",
    "Modality": "MR",
    "ParallelReductionFactorInPlane": 2,
    "PartialFourier": 0.875,
    "PatientPosition": "HFS",
    "PercentPhaseFOV": 100,
    "PhaseEncodingDirection": "j-",
    "PhaseEncodingSteps": 111,
    "PhaseResolution": 1,
    "PixelBandwidth": 1500,
    "ProcedureStepDescription": "Preston_fMRI",
    "ProtocolName": "functional_run",
    "PulseSequenceDetails": "%CustomerSeq%_cmrr_mbep2d_bold",
    "ReceiveCoilActiveElements": "HEA;HEP",
    "ReceiveCoilName": "Head_32",
    "ReconMatrixPE": 128,
    "RefLinesPE": 92,
    "RepetitionTime": 2,
    "SAR": 0.114523,
    "ScanOptions": "PFP_FS",
    "ScanningSequence": "EP",
    "SequenceName": "epfid2d1_128",
    "SequenceVariant": "SK_SS",
    "SeriesDescription": "functional_run_SBRef",
    "SeriesNumber": 16,
    "ShimSetting": [
        -2750,
        8020,
        -15436,
        -229,
        858,
        -452,
        -465,
        -213
    ],
    "SliceThickness": 1.7,
    "SliceTiming": [
        0,
        0.0775,
        0.1575,
        0.2375,
        0.315,
        0.395,
        0.475,
        0.5525,
        0.6325,
        0.7125,
        0.79,
        0.87,
        0.95,
        1.0275,
        1.1075,
        1.1875,
        1.265,
        1.345,
        1.425,
        1.5025,
        1.5825,
        1.6625,
        1.74,
        1.82,
        1.9,
        1.9775,
        2.0575,
        2.1375,
        2.215,
        2.295,
        2.375,
        2.4525,
        2.5325,
        2.6125,
        2.69,
        2.77,
        2.85,
        2.93,
        3.0075,
        3.0875,
        3.1675,
        3.245,
        3.325,
        3.405,
        3.4825,
        3.5625,
        3.6425,
        3.72,
        3.8,
        3.88,
        3.9575,
        4.0375,
        4.1175,
        4.195,
        4.275,
        4.355,
        4.4325,
        4.5125,
        4.5925,
        4.67,
        4.75,
        4.83,
        4.9075,
        4.9875,
        5.0675,
        5.145,
        5.225,
        5.305,
        5.3825,
        5.4625,
        5.5425,
        5.6225,
        5.7,
        5.78,
        5.86
    ],
    "SoftwareVersions": "syngo_MR_E11",
    "SpacingBetweenSlices": 1.7,
    "StationName": "AWP45239",
    "TaskName": "struct",
    "TotalReadoutTime": 0.0488955,
    "TxRefAmp": 348.706,
    "WipMemBlock": "7fb4a402-f1bd-46ea-951a-d46ab38e1b03||Sequence: R016 ve11c/master r/e634e98; Dec 19 2017 11:00:25 by eja"
}