{
    "AcquisitionMatrixPE": 128,
    "AcquisitionNumber": 1,
    "AcquisitionTime": "20:02:5.907500",
    "BandwidthPerPixelPhaseEncode": 20.292,
    "BaseResolution": 128,
    "BodyPartExamined": "BRAIN",
    "ConsistencyInfo": "N4_VE11C_LATEST_20160120",
    "ConversionSoftware": "dcm2niix",
    "ConversionSoftwareVersion": "v1.0.20190410  GCC6.3.0",
    "DerivedVendorReportedEchoSpacing": 0.000770008,
    "DeviceSerialNumber": "45239",
    "DwellTime": 2.6e-06,
    "EchoTime": 0.03,
    "EchoTrainLength": 55,
    "EffectiveEchoSpacing": 0.000385004,
    "FlipAngle": 73,
    "ImageComments": "Single-band_reference_SENSE1",
    "ImageOrientationPatientDICOM": [
        1,
        0,
        0,
        0,
        0.986572,
        0.163326
    ],
    "ImageType": [
        "ORIGINAL",
        "PRIMARY",
        "M",
        "ND",
        "MOSAIC"
    ],
    "ImagingFrequency": 123.172,
    "InPlanePhaseEncodingDirectionDICOM": "COL",
    "InstitutionAddress": "E_24th_St._100_Austin_Southmiddle_US_78712",
    "InstitutionName": "The_Univ._of_Texas_at_Austin_IRC",
    "InstitutionalDepartmentName": "IRC",
    "MRAcquisitionType": "2D",
    "MagneticFieldStrength": 3,
    "Manufacturer": "Siemens",
    "ManufacturersModelName": "Skyra",
    "Modality": "MR",
    "ParallelReductionFactorInPlane": 2,
    "PartialFourier": 0.875,
    "PatientPosition": "HFS",
    "PercentPhaseFOV": 100,
    "PhaseEncodingDirection": "j-",
    "PhaseEncodingSteps": 111,
    "PhaseResolution": 1,
    "PixelBandwidth": 1500,
    "ProcedureStepDescription": "Preston_fMRI",
    "ProtocolName": "functional_run",
    "PulseSequenceDetails": "%CustomerSeq%_cmrr_mbep2d_bold",
    "ReceiveCoilActiveElements": "HEA;HEP",
    "ReceiveCoilName": "Head_32",
    "ReconMatrixPE": 128,
    "RefLinesPE": 92,
    "RepetitionTime": 2,
    "SAR": 0.133081,
    "ScanOptions": "PFP_FS",
    "ScanningSequence": "EP",
    "SequenceName": "epfid2d1_128",
    "SequenceVariant": "SK_SS",
    "SeriesDescription": "functional_run_SBRef",
    "SeriesNumber": 11,
    "ShimSetting": [
        -2700,
        8012,
        -15327,
        101,
        1109,
        -807,
        -471,
        -235
    ],
    "SliceThickness": 1.7,
    "SliceTiming": [
        0,
        0.08,
        0.16,
        0.24,
        0.3175,
        0.3975,
        0.4775,
        0.555,
        0.635,
        0.715,
        0.7925,
        0.8725,
        0.9525,
        1.03,
        1.11,
        1.19,
        1.2675,
        1.3475,
        1.4275,
        1.505,
        1.585,
        1.665,
        1.7425,
        1.8225,
        1.9025,
        1.98,
        2.06,
        2.14,
        2.2175,
        2.2975,
        2.3775,
        2.455,
        2.535,
        2.615,
        2.6925,
        2.7725,
        2.8525,
        2.93,
        3.01,
        3.09,
        3.17,
        3.2475,
        3.3275,
        3.4075,
        3.485,
        3.565,
        3.645,
        3.7225,
        3.8025,
        3.8825,
        3.96,
        4.04,
        4.12,
        4.1975,
        4.2775,
        4.3575,
        4.435,
        4.515,
        4.595,
        4.6725,
        4.7525,
        4.8325,
        4.91,
        4.99,
        5.07,
        5.1475,
        5.2275,
        5.3075,
        5.385,
        5.465,
        5.545,
        5.6225,
        5.7025,
        5.7825,
        5.8625
    ],
    "SoftwareVersions": "syngo_MR_E11",
    "SpacingBetweenSlices": 1.7,
    "StationName": "AWP45239",
    "TaskName": "struct",
    "TotalReadoutTime": 0.0488955,
    "TxRefAmp": 315.646,
    "WipMemBlock": "5a543d0c-69c4-44c0-ad31-e599e822b45b||Sequence: R016 ve11c/master r/e634e98; Dec 19 2017 11:00:25 by eja"
}